PATH
  remote: .
  specs:
    kennel (1.61.5)
      faraday
      hashdiff (~> 0.3.9)
      net-http-persistent-retry

GEM
  remote: https://rubygems.org/
  specs:
    addressable (2.5.2)
      public_suffix (>= 2.0.2, < 4.0)
    ast (2.4.0)
    bump (0.6.0)
    byebug (10.0.2)
    coderay (1.1.2)
    connection_pool (2.2.2)
    crack (0.4.3)
      safe_yaml (~> 1.0.0)
    faraday (1.0.0)
      multipart-post (>= 1.2, < 3)
    forking_test_runner (1.6.0)
      parallel_tests (>= 1.3.7)
    hashdiff (0.3.9)
    maxitest (3.0.1)
      minitest (>= 5.0.0, < 5.12.0)
    metaclass (0.0.4)
    method_source (0.9.0)
    minitest (5.11.3)
    mocha (1.5.0)
      metaclass (~> 0.0.1)
    multipart-post (2.1.1)
    net-http-persistent-retry (3.0.1)
      connection_pool (~> 2.2)
    parallel (1.19.1)
    parallel_tests (2.30.0)
      parallel
    parser (2.5.1.0)
      ast (~> 2.4.0)
    powerpack (0.1.1)
    pry (0.11.3)
      coderay (~> 1.1.0)
      method_source (~> 0.9.0)
    pry-byebug (3.6.0)
      byebug (~> 10.0)
      pry (~> 0.10)
    public_suffix (3.0.2)
    rainbow (3.0.0)
    rake (12.3.1)
    rubocop (0.55.0)
      parallel (~> 1.10)
      parser (>= 2.5)
      powerpack (~> 0.1)
      rainbow (>= 2.2.2, < 4.0)
      ruby-progressbar (~> 1.7)
      unicode-display_width (~> 1.0, >= 1.0.1)
    ruby-progressbar (1.9.0)
    safe_yaml (1.0.4)
    single_cov (1.0.3)
    unicode-display_width (1.3.2)
    webmock (3.4.1)
      addressable (>= 2.3.6)
      crack (>= 0.3.2)
      hashdiff

PLATFORMS
  ruby

DEPENDENCIES
  bump
  forking_test_runner
  kennel!
  maxitest
  mocha
  pry-byebug
  rake
  rubocop
  single_cov
  webmock

RUBY VERSION
   ruby 2.5.5p157

BUNDLED WITH
   2.0.2
